GEM
  remote: https://rubygems.org/
  specs:
    ast (2.0.0)
    astrolabe (1.3.0)
      parser (>= 2.2.0.pre.3, < 3.0)
    mime-types (2.6.1)
    mini_portile (0.6.2)
    net-ssh (2.9.2)
    nokogiri (1.6.6.2)
      mini_portile (~> 0.6.0)
    parser (2.3.0.pre.2)
      ast (>= 1.1, < 3.0)
    powerpack (0.1.1)
    rainbow (2.0.0)
    rest-client (1.6.7)
      mime-types (>= 1.16)
    rubocop (0.32.1)
      astrolabe (~> 1.3)
      parser (>= 2.2.2.5, < 3.0)
      powerpack (~> 0.1)
      rainbow (>= 1.99.1, < 3.0)
      ruby-progressbar (~> 1.4)
    ruby-jmeter (2.13.3)
      nokogiri
      rest-client
    ruby-progressbar (1.7.5)
    yajl-ruby (1.2.1)

PLATFORMS
  ruby

DEPENDENCIES
  net-ssh
  rubocop
  ruby-jmeter
  yajl-ruby

BUNDLED WITH
   1.10.5
